GIT
  remote: git://github.com/ubermajestix/fbomb
  revision: ea5b5d2dfa9f3db18ae3ca726edb1cec130f47f3
  specs:
    fbomb (1.0.0)
      fukung (~> 1.1.0)
      google-search (~> 1.0.2)
      main (~> 4.7.6)
      mechanize (~> 2.0.1)
      mime-types (~> 1.16)
      nokogiri (~> 1.5.0)
      pry (~> 0.9.6.2)
      systemu (~> 2.3.0)
      tinder (~> 1.7.0)
      unidecode (~> 1.0.0)
      yajl-ruby (~> 1.0.0)

GEM
  remote: http://rubygems.org/
  specs:
    activesupport (3.1.1)
      multi_json (~> 1.0)
    addressable (2.2.6)
    arrayfields (4.7.4)
    chronic (0.6.4)
    coderay (0.9.8)
    eventmachine (0.12.10)
    faraday (0.7.5)
      addressable (~> 2.2.6)
      multipart-post (~> 1.1.3)
      rack (< 2, >= 1.1.0)
    faraday_middleware (0.7.0)
      faraday (~> 0.7.3)
    fattr (2.2.0)
    foreman (0.25.0)
      term-ansicolor (~> 1.0.5)
      thor (>= 0.13.6)
    fukung (1.1.0)
      launchy
    google-search (1.0.2)
      json
    hashie (1.2.0)
    heroku (2.11.0)
      launchy (>= 0.3.2)
      rest-client (~> 1.6.1)
      rubyzip
      term-ansicolor (~> 1.0.5)
    http_parser.rb (0.5.3)
    json (1.6.1)
    launchy (2.0.5)
      addressable (~> 2.2.6)
    main (4.7.7)
      arrayfields (~> 4.7.4)
      chronic (~> 0.6.2)
      fattr (~> 2.2.0)
      map (~> 4.3.0)
    map (4.3.0)
    mechanize (2.0.1)
      net-http-digest_auth (>= 1.1.1, ~> 1.1)
      net-http-persistent (~> 1.8)
      nokogiri (~> 1.4)
      webrobots (>= 0.0.9, ~> 0.0)
    method_source (0.6.6)
      ruby_parser (~> 2.0.5)
    mime-types (1.17.2)
    multi_json (1.0.3)
    multipart-post (1.1.3)
    net-http-digest_auth (1.1.1)
    net-http-persistent (1.9)
    nokogiri (1.5.0)
    pry (0.9.6.2)
      coderay (~> 0.9.8)
      method_source (~> 0.6.5)
      ruby_parser (~> 2.0.5)
      slop (~> 2.1.0)
    rack (1.3.5)
    rest-client (1.6.7)
      mime-types (>= 1.16)
    ruby_parser (2.0.6)
      sexp_processor (~> 3.0)
    rubyzip (0.9.4)
    sexp_processor (3.0.7)
    simple_oauth (0.1.5)
    slop (2.1.0)
    systemu (2.3.1)
    term-ansicolor (1.0.7)
    thor (0.14.6)
    tinder (1.7.0)
      activesupport (< 4, >= 2.3)
      eventmachine (~> 0.12)
      faraday (< 0.8, >= 0.6)
      faraday_middleware (< 0.8, >= 0.6)
      hashie (~> 1.0)
      mime-types (~> 1.16)
      multi_json (~> 1.0)
      multipart-post (~> 1.1)
      twitter-stream (~> 0.1)
    twitter-stream (0.1.14)
      eventmachine (>= 0.12.8)
      http_parser.rb (~> 0.5.1)
      simple_oauth (~> 0.1.4)
    unidecode (1.0.0)
    webrobots (0.0.12)
      nokogiri (>= 1.4.4)
    yajl-ruby (1.0.0)

PLATFORMS
  ruby

DEPENDENCIES
  fbomb!
  foreman
  heroku
